GEM
  remote: https://rubygems.org/
  specs:
    activemodel (4.2.7.1)
      activesupport (= 4.2.7.1)
      builder (~> 3.1)
    activerecord (4.2.7.1)
      activemodel (= 4.2.7.1)
      activesupport (= 4.2.7.1)
      arel (~> 6.0)
    activesupport (4.2.7.1)
      i18n (~> 0.7)
      json (~> 1.7, >= 1.7.7)
      minitest (~> 5.1)
      thread_safe (~> 0.3, >= 0.3.4)
      tzinfo (~> 1.1)
    arel (6.0.3)
    builder (3.2.2)
    colorize (0.8.1)
    faker (1.6.6)
      i18n (~> 0.5)
    ghost-seeder (0.0.2)
      activerecord (~> 4.2)
      colorize (~> 0.8)
      faker (~> 1.6)
      rake (~> 11.3)
    i18n (0.7.0)
    json (1.8.3)
    minitest (5.9.1)
    pg (0.19.0)
    rake (11.3.0)
    sqlite3 (1.3.12)
    thread_safe (0.3.5)
    tzinfo (1.2.2)
      thread_safe (~> 0.1)

PLATFORMS
  ruby

DEPENDENCIES
  ghost-seeder (~> 0.0.2)
  pg
  sqlite3

BUNDLED WITH
   1.13.0
